PATH
  remote: .
  specs:
    nacreon (0.0.1)
      SyslogLogger
      json
      sequel
      sqlite3
      unicorn
      watts

GEM
  remote: http://rubygems.org/
  remote: http://gems.atti.wc1.yellowpages.com/
  specs:
    SyslogLogger (1.4.0)
      hoe (>= 1.2.0)
    hoe (2.10.0)
      rake (~> 0.8)
    json (1.5.3)
    kgio (2.6.0)
    metaid (1.0)
    rack (1.3.2)
    raindrops (0.7.0)
    rake (0.9.2)
    sequel (3.26.0)
    sqlite3 (1.3.4)
    timecop (0.3.5)
    unicorn (4.0.1)
      kgio (~> 2.4)
      rack
      raindrops (~> 0.6)
    watts (0.0.7)
      metaid

PLATFORMS
  ruby

DEPENDENCIES
  SyslogLogger
  nacreon!
  rake
  sequel
  sqlite3
  timecop
  unicorn
  watts
